GEM
  remote: https://rubygems.org/
  specs:
    mustermann (1.0.3)
    power_assert (1.1.3)
    rack (2.0.5)
    rack-protection (2.0.3)
      rack
    rake (12.3.1)
    sinatra (2.0.3)
      mustermann (~> 1.0)
      rack (~> 2.0)
      rack-protection (= 2.0.3)
      tilt (~> 2.0)
    test-unit (3.2.8)
      power_assert
    tilt (2.0.8)

PLATFORMS
  ruby

DEPENDENCIES
  rake
  sinatra
  test-unit

BUNDLED WITH
   1.16.4
